GEM
  remote: https://rubygems.org/
  specs:
    fakefs (0.4.3)

PLATFORMS
  java
  ruby

DEPENDENCIES
  fakefs
